GEM
  remote: https://rubygems.org/
  specs:
    colorputs (0.2.3)

PLATFORMS
  ruby

DEPENDENCIES
  colorputs (~> 0.2.3)

BUNDLED WITH
   2.0.2
